GEM
  remote: http://rubygems.org/
  specs:
    activemodel (3.2.7)
      activesupport (= 3.2.7)
      builder (~> 3.0.0)
    activesupport (3.2.7)
      i18n (~> 0.6)
      multi_json (~> 1.0)
    builder (3.0.0)
    i18n (0.6.0)
    json (1.7.4)
    mongoid (3.0.2)
      activemodel (~> 3.1)
      moped (~> 1.1.3)
      origin (~> 1.0.3)
      tzinfo (~> 0.3.22)
    moped (1.1.5)
    multi_json (1.3.6)
    origin (1.0.4)
    tzinfo (0.3.33)

PLATFORMS
  ruby

DEPENDENCIES
  json
  mongoid
